GIT
  remote: git://github.com/EmmanuelOga/ffaker.git
  revision: 48b4cf9bad4aa1e9e1fbcbda6b9bac66df4da475
  specs:
    ffaker (1.15.0)

GIT
  remote: git://github.com/amatsuda/kaminari.git
  revision: e9d3ed2b68235b742df5c682da659d1cfe8c1776
  specs:
    kaminari (0.14.1)
      actionpack (>= 3.0.0)
      activesupport (>= 3.0.0)

GIT
  remote: git://github.com/bblimke/webmock.git
  revision: 5662ca4c2fdb5e9d63deca99a86d6dd99bb12c48
  specs:
    webmock (1.8.11)
      addressable (>= 2.2.7)
      crack (>= 0.1.7)

GIT
  remote: git://github.com/bmabey/database_cleaner.git
  revision: e1c3b908d5224b73f5bf229e46f498a90a8f17cb
  specs:
    database_cleaner (0.8.0)

GIT
  remote: git://github.com/btakita/rr.git
  revision: 927315b56ec3a2af36d04c75450d8afcabc38930
  specs:
    rr (1.0.4)

GIT
  remote: git://github.com/cucumber/cucumber-rails.git
  revision: a89475f53ee5d5407532cf8631477645b3524e3b
  specs:
    cucumber-rails (1.3.0)
      capybara (>= 1.1.2)
      cucumber (>= 1.2.0)
      nokogiri (>= 1.5.0)

GIT
  remote: git://github.com/cucumber/cucumber.git
  revision: 5fe7d0f2f18f9d68f0311a70a58ade57644fe6aa
  specs:
    cucumber (1.2.1)
      builder (>= 2.1.2)
      diff-lcs (>= 1.1.3)
      gherkin (~> 2.11.0)
      json (>= 1.4.6)

GIT
  remote: git://github.com/dockyard/pg_array_parser.git
  revision: 22b2514a474cb40fbd077dea804d3ba540ccad29
  specs:
    pg_array_parser (0.0.8)

GIT
  remote: git://github.com/flyerhzm/bullet.git
  revision: 05bd4134c4b1995e1e6640af232816b9dc638f70
  specs:
    bullet (4.2.0)
      uniform_notifier

GIT
  remote: git://github.com/geekq/workflow.git
  revision: 8779340931c2a8974c1b0963e330c047d78a8a5e
  specs:
    workflow (0.8.1)

GIT
  remote: git://github.com/haml/haml.git
  revision: f3ebe1cf609c6558f0675ab8d449ddefcb307ea6
  specs:
    haml (4.0.0.alpha.0)
      tilt

GIT
  remote: git://github.com/jnicklas/capybara.git
  revision: 4cc36939e93e73790665bc21387a64b4c02d551e
  branch: 1.1_stable
  specs:
    capybara (1.1.2)
      mime-types (>= 1.16)
      nokogiri (>= 1.3.3)
      rack (>= 1.0.0)
      rack-test (>= 0.5.4)
      selenium-webdriver (~> 2.0)
      xpath (~> 0.1.4)

GIT
  remote: git://github.com/jonleighton/poltergeist.git
  revision: 8abc10a9ccb6e2fb8f33e4175ed5167e4dd551e2
  specs:
    poltergeist (0.7.0)
      capybara (~> 1.1)
      childprocess (~> 0.3)
      faye-websocket (~> 0.4, >= 0.4.4)
      http_parser.rb (~> 0.5.3)
      multi_json (~> 1.0)

GIT
  remote: git://github.com/lautis/uglifier.git
  revision: e32bb87017310e4d1ce8e5915ba2cf898a7a1061
  specs:
    uglifier (1.3.0)
      execjs (>= 0.3.0)
      multi_json (~> 1.0, >= 1.0.2)

GIT
  remote: git://github.com/lwe/simple_enum.git
  revision: 0d7d3bbac16d4bbbe6986dfc57a457f8772c3c7d
  specs:
    simple_enum (1.6.3)
      activesupport (>= 3.0.0)

GIT
  remote: git://github.com/michaeldv/awesome_print.git
  revision: ee16be40bc7f05e7dca3e230476e0196592b8aa1
  specs:
    awesome_print (1.1.0)

GIT
  remote: git://github.com/nex3/sass.git
  revision: 1bbdfb8d30d299461649555d31b4863b65e0e5ed
  branch: master
  specs:
    sass (3.3.0.alpha.0)

GIT
  remote: git://github.com/norman/friendly_id.git
  revision: 4fcbd201b7cbb319f63a433aa5961714ef585ce8
  branch: rails4
  specs:
    friendly_id (4.0.8)

GIT
  remote: git://github.com/preston/railroady.git
  revision: d149cf35b603060f6b38563b25fb1a72325427b2
  specs:
    railroady (1.1.0)

GIT
  remote: git://github.com/pry/pry.git
  revision: 24d9e486d75c3ec9a17e2ef2b1d88c119edf286f
  specs:
    pry (0.9.10)
      coderay (~> 1.0.5)
      method_source (~> 0.8)
      slop (~> 3.3.1)

GIT
  remote: git://github.com/rails/activerecord-deprecated_finders.git
  revision: fe150f26f009cef370658b7c19db1629b2448952
  specs:
    activerecord-deprecated_finders (0.0.1)

GIT
  remote: git://github.com/rails/arel.git
  revision: de7e7c84856a628493ab6f14a7ab41f0011cd83f
  specs:
    arel (3.0.2.20120819075748)

GIT
  remote: git://github.com/rails/coffee-rails.git
  revision: 82da9a9997a6602cbe4934e06e6823d0fd85283c
  specs:
    coffee-rails (4.0.0.beta)
      coffee-script (>= 2.2.0)
      railties (>= 4.0.0.beta, < 5.0)

GIT
  remote: git://github.com/rails/journey.git
  revision: 850267edd7f19633a6868110d523f86f147c1653
  specs:
    journey (2.0.0.20120723141804)

GIT
  remote: git://github.com/rails/jquery-rails.git
  revision: 3630135b63b5bf05a29daad86033169c25362614
  specs:
    jquery-rails (2.1.3)
      railties (>= 3.1.0, < 5.0)
      thor (~> 0.14)

GIT
  remote: git://github.com/rails/sass-rails.git
  revision: 9b60259818a0c5d929d2c6c6e6beb63b4517d972
  specs:
    sass-rails (4.0.0.beta)
      railties (>= 4.0.0.beta, < 5.0)
      sass (>= 3.1.10)
      sprockets-rails (~> 1.0)
      tilt (~> 1.3)

GIT
  remote: git://github.com/rails/sprockets-rails.git
  revision: f96609aa368ed802bf2cf96b92e1d66273c1f15e
  specs:
    sprockets-rails (1.0.1)
      railties (>= 4.0.0.beta, < 5.0)
      sprockets (~> 2.4)

GIT
  remote: git://github.com/rails/turbolinks.git
  revision: e81f20eaa2af226663eb7b9d223b301f53157087
  specs:
    turbolinks (0.3.3)

GIT
  remote: git://github.com/rspec/rspec-core.git
  revision: 45f23abe555a43120866cd373ac94fd81137597e
  specs:
    rspec-core (2.11.1)

GIT
  remote: git://github.com/rspec/rspec-expectations.git
  revision: 8c7cc535e4702caca980b3d3acf711ffdcb4d400
  specs:
    rspec-expectations (2.11.3)
      diff-lcs (~> 1.1.3)

GIT
  remote: git://github.com/rspec/rspec-rails.git
  revision: 87ebea13ea2d86bb263c2a37c1518630ddb4439f
  specs:
    rspec-rails (2.11.0)
      actionpack (>= 3.0)
      activesupport (>= 3.0)
      railties (>= 3.0)
      rspec (~> 2.11.0)

GIT
  remote: git://github.com/rspec/rspec.git
  revision: 3c5104f7be7c110f35f88433b5e8dae228fe991e
  specs:
    rspec (2.11.0)
      rspec-core (~> 2.11.0)
      rspec-expectations (~> 2.11.0)
      rspec-mocks (~> 2.11.0)

GIT
  remote: git://github.com/slbug/compass-rails.git
  revision: 2bc5ab9b29e7896a3dd1cd43a120d5ef2b41abef
  branch: stable
  specs:
    compass-rails (1.0.3)
      compass (>= 0.12.2, < 0.14)

GIT
  remote: git://github.com/slbug/compass.git
  revision: ccff3908af21f6910a55746fbeb466d4868d6761
  branch: master
  specs:
    compass (0.13.alpha.0.ccff390)
      chunky_png (~> 1.2)
      fssm (>= 0.2.7)
      sass (>= 3.2.0.alpha.93)

GIT
  remote: git://github.com/slbug/haml-rails.git
  revision: 71e4e4734e3f79c46046c66828898a62df01b50b
  specs:
    haml-rails (0.3.5)
      actionpack (>= 3.1)
      activesupport (>= 3.1)
      haml (>= 3.1)
      railties (>= 3.1)

GIT
  remote: git://github.com/slbug/rails.git
  revision: bc9297fbe2335a32965cd6f9b95ef6a93217bf3c
  branch: 2pulls
  specs:
    actionmailer (4.0.0.beta)
      actionpack (= 4.0.0.beta)
      mail (~> 2.4.4)
    actionpack (4.0.0.beta)
      activesupport (= 4.0.0.beta)
      builder (~> 3.1.0)
      erubis (~> 2.7.0)
      journey (~> 2.0.0)
      rack (~> 1.4.1)
      rack-cache (~> 1.2)
      rack-test (~> 0.6.1)
    activemodel (4.0.0.beta)
      activesupport (= 4.0.0.beta)
      builder (~> 3.1.0)
    activerecord (4.0.0.beta)
      activemodel (= 4.0.0.beta)
      activerecord-deprecated_finders (= 0.0.1)
      activesupport (= 4.0.0.beta)
      arel (~> 3.0.2)
    activesupport (4.0.0.beta)
      i18n (~> 0.6)
      minitest (~> 4.0)
      multi_json (~> 1.3)
      tzinfo (~> 0.3.33)
    rails (4.0.0.beta)
      actionmailer (= 4.0.0.beta)
      actionpack (= 4.0.0.beta)
      activerecord (= 4.0.0.beta)
      activesupport (= 4.0.0.beta)
      bundler (~> 1.2)
      railties (= 4.0.0.beta)
      sprockets-rails (~> 1.0)
    railties (4.0.0.beta)
      actionpack (= 4.0.0.beta)
      activesupport (= 4.0.0.beta)
      rake (>= 0.8.7)
      rdoc (~> 3.4)
      thor (>= 0.15.4, < 2.0)

GIT
  remote: git://github.com/softace/activerecord-tableless.git
  revision: b9a8f0a1317aa92ba3b967c85be65d7e243cafee
  specs:
    activerecord-tableless (1.0.1)
      activerecord (>= 3.2)

GIT
  remote: git://github.com/sporkrb/spork.git
  revision: a07c59d6652d81e8863b7ae5767e943fd272b5da
  specs:
    spork (1.0.0rc3)

GIT
  remote: git://github.com/thoughtbot/factory_girl.git
  revision: 06ff2587d293c59539868251efcdf80489a64e1d
  specs:
    factory_girl (4.1.0)
      activesupport (>= 3.0.0)

GIT
  remote: git://github.com/voormedia/rails-erd.git
  revision: 23d616ab788834ca486f767f1228c70522814231
  specs:
    rails-erd (1.0.0)
      activerecord (>= 3.0)
      activesupport (>= 3.0)
      choice (~> 0.1.6)
      ruby-graphviz (~> 1.0.4)

GIT
  remote: git://github.com/voxdolo/decent_exposure.git
  revision: dfa2a91db71c8eaa4fcd8038407bae47d81fc47e
  specs:
    decent_exposure (2.0.0.rc1)

GEM
  remote: https://rubygems.org/
  specs:
    addressable (2.3.2)
    builder (3.1.3)
    childprocess (0.3.5)
      ffi (~> 1.0, >= 1.0.6)
    choice (0.1.6)
    chunky_png (1.2.6)
    coderay (1.0.7)
    coffee-script (2.2.0)
      coffee-script-source
      execjs
    coffee-script-source (1.3.3)
    crack (0.3.1)
    diff-lcs (1.1.3)
    erubis (2.7.0)
    eventmachine (1.0.0)
    execjs (1.4.0)
      multi_json (~> 1.0)
    faye-websocket (0.4.6)
      eventmachine (>= 0.12.0)
    ffi (1.1.5)
    fssm (0.2.9)
    gherkin (2.11.2)
      json (>= 1.4.6)
    hike (1.2.1)
    http_parser.rb (0.5.3)
    i18n (0.6.1)
    json (1.7.5)
    launchy (2.1.2)
      addressable (~> 2.3)
    libwebsocket (0.1.5)
      addressable
    mail (2.4.4)
      i18n (>= 0.4.0)
      mime-types (~> 1.16)
      treetop (~> 1.4.8)
    method_source (0.8)
    mime-types (1.19)
    minitest (4.0.0)
    multi_json (1.3.6)
    nokogiri (1.5.5)
    pg (0.14.1)
    polyglot (0.3.3)
    rack (1.4.1)
    rack-cache (1.2)
      rack (>= 0.4)
    rack-test (0.6.2)
      rack (>= 1.0)
    rake (0.9.2.2)
    rdoc (3.12)
      json (~> 1.4)
    rspec-mocks (2.11.3)
    ruby-graphviz (1.0.8)
    rubyzip (0.9.9)
    selenium-webdriver (2.25.0)
      childprocess (>= 0.2.5)
      libwebsocket (~> 0.1.3)
      multi_json (~> 1.0)
      rubyzip
    slop (3.3.3)
    sprockets (2.6.0)
      hike (~> 1.2)
      multi_json (~> 1.0)
      rack (~> 1.0)
      tilt (~> 1.1, != 1.3.0)
    thor (0.16.0)
    tilt (1.3.3)
    treetop (1.4.10)
      polyglot
      polyglot (>= 0.3.1)
    tzinfo (0.3.33)
    uniform_notifier (1.1.0)
    xpath (0.1.4)
      nokogiri (~> 1.3)

PLATFORMS
  ruby

DEPENDENCIES
  activerecord-deprecated_finders!
  activerecord-tableless!
  arel!
  awesome_print!
  bullet!
  capybara!
  coffee-rails!
  compass!
  compass-rails!
  cucumber!
  cucumber-rails!
  database_cleaner!
  decent_exposure!
  factory_girl!
  ffaker!
  friendly_id!
  haml!
  haml-rails!
  journey!
  jquery-rails!
  kaminari!
  launchy
  pg
  pg_array_parser!
  poltergeist!
  pry!
  railroady!
  rails!
  rails-erd!
  rr!
  rspec!
  rspec-core!
  rspec-expectations!
  rspec-rails!
  sass!
  sass-rails!
  simple_enum!
  spork!
  sprockets-rails!
  turbolinks!
  uglifier!
  webmock!
  workflow!
